GEM
  remote: https://rubygems.org/
  specs:
    awesome_print (1.9.2)
    front_matter_parser (1.0.1)
    haml (6.2.3)
      temple (>= 0.8.2)
      thor
      tilt
    htmlbeautifier (1.4.2)
    kramdown (2.4.0)
      rexml
    rexml (3.2.6)
    temple (0.10.3)
    thor (1.3.0)
    tilt (2.3.0)

PLATFORMS
  arm64-darwin-23

DEPENDENCIES
  awesome_print (~> 1.9)
  front_matter_parser (~> 1.0)
  haml (~> 6.2)
  htmlbeautifier (~> 1.4)
  kramdown (~> 2.4)

BUNDLED WITH
   2.4.22
