GEM
  remote: https://rubygems.org/
  specs:
    activesupport (7.1.2)
      base64
      bigdecimal
      concurrent-ruby (~> 1.0, >= 1.0.2)
      connection_pool (>= 2.2.5)
      drb
      i18n (>= 1.6, < 2)
      minitest (>= 5.1)
      mutex_m
      tzinfo (~> 2.0)
    awesome_print (1.9.2)
    base64 (0.2.0)
    bigdecimal (3.1.4)
    concurrent-ruby (1.2.2)
    connection_pool (2.4.1)
    drb (2.2.0)
      ruby2_keywords
    front_matter_parser (1.0.1)
    haml (6.2.3)
      temple (>= 0.8.2)
      thor
      tilt
    htmlbeautifier (1.4.2)
    i18n (1.14.1)
      concurrent-ruby (~> 1.0)
    kramdown (2.4.0)
      rexml
    minitest (5.20.0)
    mutex_m (0.2.0)
    rexml (3.2.6)
    ruby2_keywords (0.0.5)
    temple (0.10.3)
    thor (1.3.0)
    tilt (2.3.0)
    tzinfo (2.0.6)
      concurrent-ruby (~> 1.0)

PLATFORMS
  arm64-darwin-23

DEPENDENCIES
  activesupport (~> 7.1)
  awesome_print (~> 1.9)
  front_matter_parser (~> 1.0)
  haml (~> 6.2)
  htmlbeautifier (~> 1.4)
  kramdown (~> 2.4)

BUNDLED WITH
   2.4.22
